GEM
  remote: http://rubygems.org/
  specs:
    builder (3.0.0)
    json (1.6.0)
    rack (1.3.2)
    rack-force_domain (0.2.0)
    rdiscount (1.6.8)
    shotgun (0.9)
      rack (>= 1.0)
    sinatra (1.2.6)
      rack (~> 1.1)
      tilt (>= 1.2.2, < 2.0)
    tilt (1.3.3)

PLATFORMS
  ruby

DEPENDENCIES
  builder
  json
  rack-force_domain
  rdiscount
  shotgun
  sinatra
